GEM
  remote: http://rubygems.org/
  specs:
    SystemTimer (1.2.3)
    activesupport (3.0.8)
    awesome_print (0.4.0)
    backports (2.2.1)
    bond (0.4.1)
    capistrano (2.6.0)
      highline
      net-scp (>= 1.0.0)
      net-sftp (>= 2.0.0)
      net-ssh (>= 2.0.14)
      net-ssh-gateway (>= 1.1.0)
    chunky_png (1.2.0)
    compass (0.11.2)
      chunky_png (~> 1.1)
      fssm (>= 0.2.7)
      sass (~> 3.1)
    compass-susy-plugin (0.9)
      compass (>= 0.11.1)
    fssm (0.2.7)
    haml (3.1.2)
    highline (1.6.2)
    hirb (0.4.5)
    hiredis (0.3.2)
    i18n (0.6.0)
    monkey-lib (0.5.4)
      backports
    net-scp (1.0.4)
      net-ssh (>= 1.99.1)
    net-sftp (2.0.5)
      net-ssh (>= 2.0.9)
    net-ssh (2.1.4)
    net-ssh-gateway (1.1.0)
      net-ssh (>= 1.99.1)
    newrelic_rpm (3.0.1)
    nokogiri (1.4.4)
    rack (1.3.0)
    rdiscount (1.6.8)
    redis (2.2.1)
    rpm_contrib (2.1.2)
      newrelic_rpm (>= 3.0.0)
    sass (3.1.2)
    sinatra (1.2.6)
      rack (~> 1.1)
      tilt (>= 1.2.2, < 2.0)
    sinatra-advanced-routes (0.5.1)
      monkey-lib (~> 0.5.0)
      sinatra (~> 1.0)
      sinatra-sugar (~> 0.5.0)
    sinatra-reloader (0.5.0)
      sinatra (~> 1.0)
      sinatra-advanced-routes (~> 0.5.0)
    sinatra-sugar (0.5.1)
      monkey-lib (~> 0.5.0)
      sinatra (~> 1.0)
    sketches (0.1.1)
    tilt (1.3.2)
    wirble (0.1.3)

PLATFORMS
  ruby

DEPENDENCIES
  SystemTimer
  activesupport
  awesome_print
  bond
  capistrano
  compass
  compass-susy-plugin
  haml
  hirb
  hiredis
  i18n
  newrelic_rpm
  nokogiri
  rdiscount
  redis
  rpm_contrib
  sinatra
  sinatra-reloader
  sketches
  wirble
