GEM
  remote: http://rubygems.org/
  specs:
    activesupport (3.0.7)
    awesome_print (0.3.2)
    backports (2.1.0)
    bond (0.4.1)
    capistrano (2.6.0)
      highline
      net-scp (>= 1.0.0)
      net-sftp (>= 2.0.0)
      net-ssh (>= 2.0.14)
      net-ssh-gateway (>= 1.1.0)
    chunky_png (1.1.2)
    columnize (0.3.2)
    compass (0.11.1)
      chunky_png (~> 1.1)
      fssm (>= 0.2.7)
      sass (~> 3.1)
    compass-susy-plugin (0.9)
      compass (>= 0.11.1)
    fssm (0.2.7)
    haml (3.1.1)
    highline (1.6.1)
    hirb (0.4.5)
    hiredis (0.3.1)
    i18n (0.5.0)
    iconv (0.1)
    linecache (0.43)
    monkey-lib (0.5.4)
      backports
    net-scp (1.0.4)
      net-ssh (>= 1.99.1)
    net-sftp (2.0.5)
      net-ssh (>= 2.0.9)
    net-ssh (2.1.4)
    net-ssh-gateway (1.1.0)
      net-ssh (>= 1.99.1)
    newrelic_rpm (2.14.1)
    nokogiri (1.4.4)
    rack (1.2.2)
    rdiscount (1.6.8)
    redis (2.2.0)
    rpm_contrib (1.0.13)
      newrelic_rpm (>= 2.13.1)
    ruby-debug (0.10.4)
      columnize (>= 0.1)
      ruby-debug-base (~> 0.10.4.0)
    ruby-debug-base (0.10.4)
      linecache (>= 0.3)
    sass (3.1.1)
    sinatra (1.2.6)
      rack (~> 1.1)
      tilt (< 2.0, >= 1.2.2)
    sinatra-advanced-routes (0.5.1)
      monkey-lib (~> 0.5.0)
      sinatra (~> 1.0)
      sinatra-sugar (~> 0.5.0)
    sinatra-reloader (0.5.0)
      sinatra (~> 1.0)
      sinatra-advanced-routes (~> 0.5.0)
    sinatra-sugar (0.5.1)
      monkey-lib (~> 0.5.0)
      sinatra (~> 1.0)
    sketches (0.1.1)
    tilt (1.3)
    wirble (0.1.3)

PLATFORMS
  ruby

DEPENDENCIES
  activesupport
  awesome_print
  bond
  capistrano
  compass
  compass-susy-plugin
  haml
  hirb
  hiredis
  i18n
  iconv
  newrelic_rpm
  nokogiri
  rdiscount
  redis
  rpm_contrib
  ruby-debug
  sinatra
  sinatra-reloader
  sketches
  wirble
